GEM
  remote: https://rubygems.org/
  specs:
    hamlit (2.8.4)
      temple (>= 0.8.0)
      thor
      tilt
    kgio (2.11.0)
    mustermann (1.0.1)
    rack (2.0.3)
    rack-protection (2.0.0)
      rack
    raindrops (0.19.0)
    sinatra (2.0.0)
      mustermann (~> 1.0)
      rack (~> 2.0)
      rack-protection (= 2.0.0)
      tilt (~> 2.0)
    temple (0.8.0)
    thor (0.20.0)
    tilt (2.0.8)
    unicorn (5.3.1)
      kgio (~> 2.6)
      raindrops (~> 0.7)

PLATFORMS
  ruby

DEPENDENCIES
  hamlit
  sinatra
  unicorn

RUBY VERSION
   ruby 2.4.2p198

BUNDLED WITH
   1.16.0
