GEM
  remote: https://rubygems.org/
  specs:
    hamlit (2.11.0)
      temple (>= 0.8.2)
      thor
      tilt
    kgio (2.11.3)
    mustermann (1.1.1)
      ruby2_keywords (~> 0.0.1)
    rack (2.2.3)
    rack-protection (2.0.8.1)
      rack
    raindrops (0.19.1)
    ruby2_keywords (0.0.2)
    sinatra (2.0.8.1)
      mustermann (~> 1.0)
      rack (~> 2.0)
      rack-protection (= 2.0.8.1)
      tilt (~> 2.0)
    temple (0.8.2)
    thor (1.0.1)
    tilt (2.0.10)
    unicorn (5.5.3)
      kgio (~> 2.6)
      raindrops (~> 0.7)

PLATFORMS
  ruby

DEPENDENCIES
  hamlit
  sinatra
  unicorn

RUBY VERSION
   ruby 2.6.5p114

BUNDLED WITH
   2.1.4
