GEM
  remote: https://rubygems.org/
  specs:
    hamlit (2.9.2)
      temple (>= 0.8.0)
      thor
      tilt
    kgio (2.11.2)
    mustermann (1.0.3)
    rack (2.0.6)
    rack-protection (2.0.5)
      rack
    raindrops (0.19.0)
    sinatra (2.0.5)
      mustermann (~> 1.0)
      rack (~> 2.0)
      rack-protection (= 2.0.5)
      tilt (~> 2.0)
    temple (0.8.1)
    thor (0.20.3)
    tilt (2.0.9)
    unicorn (5.5.0)
      kgio (~> 2.6)
      raindrops (~> 0.7)

PLATFORMS
  ruby

DEPENDENCIES
  hamlit
  sinatra
  unicorn

RUBY VERSION
   ruby 2.5.5p157

BUNDLED WITH
   2.0.1
