GEM
  remote: https://rubygems.org/
  specs:
    hamlit (2.14.6)
      temple (>= 0.8.2)
      thor
      tilt
    kgio (2.11.3)
    mustermann (1.1.1)
      ruby2_keywords (~> 0.0.1)
    rack (2.2.3)
    rack-protection (2.1.0)
      rack
    raindrops (0.19.1)
    ruby2_keywords (0.0.4)
    sinatra (2.1.0)
      mustermann (~> 1.0)
      rack (~> 2.2)
      rack-protection (= 2.1.0)
      tilt (~> 2.0)
    temple (0.8.2)
    thor (1.1.0)
    tilt (2.0.10)
    unicorn (6.0.0)
      kgio (~> 2.6)
      raindrops (~> 0.7)

PLATFORMS
  ruby

DEPENDENCIES
  hamlit
  sinatra
  unicorn

RUBY VERSION
   ruby 2.7.3p183

BUNDLED WITH
   2.1.4
